PATH
  remote: .
  specs:
    iStats (1.6.1)
      parseconfig (~> 1.0)
      sparkr (~> 0.4)

GEM
  remote: https://rubygems.org/
  specs:
    parseconfig (1.0.8)
    sparkr (0.4.1)

PLATFORMS
  ruby

DEPENDENCIES
  iStats!

BUNDLED WITH
   1.16.1
